PATH
  remote: .
  specs:
    clocker (0.1.6)

GEM
  remote: https://rubygems.org/
  specs:
    rake (10.4.2)

PLATFORMS
  ruby
  x64-mingw32

DEPENDENCIES
  bundler (~> 1.9)
  clocker!
  rake (~> 10.0)

BUNDLED WITH
   1.10.6
